REDIRECTS: ON
FRAMEWORK: NET461
NUGET
  remote: https://www.nuget.org/api/v2
  specs:
    Aether (7.0.2)
    Arachne.Core (3.0)
      FParsec (>= 1.0 < 2.0)
    Arachne.Http (3.0)
      Arachne.Core (>= 3.0)
      Arachne.Language (>= 3.0)
      Arachne.Uri (>= 3.0)
      FParsec (>= 1.0 < 2.0)
    Arachne.Http.Cors (3.0)
      Arachne.Core (>= 3.0)
      Arachne.Http (>= 3.0)
      Arachne.Language (>= 3.0)
      Arachne.Uri (>= 3.0)
      FParsec (>= 1.0 < 2.0)
    Arachne.Language (3.0)
      Arachne.Core (>= 3.0)
      FParsec (>= 1.0 < 2.0)
    Arachne.Uri (3.0)
      Arachne.Core (>= 3.0)
      FParsec (>= 1.0 < 2.0)
    Arachne.Uri.Template (3.0)
      Arachne.Core (>= 3.0)
      Arachne.Uri (>= 3.0)
      FParsec (>= 1.0 < 2.0)
    FParsec (1.0.2)
    Freya (2.0.203)
      Freya.Core (>= 2.0.203)
      Freya.Lenses.Http (>= 2.0.203)
      Freya.Lenses.Http.Cors (>= 2.0.203)
      Freya.Machine (>= 2.0.203)
      Freya.Machine.Extensions.Http (>= 2.0.203)
      Freya.Machine.Extensions.Http.Cors (>= 2.0.203)
      Freya.Machine.Router (>= 2.0.203)
      Freya.Recorder (>= 2.0.203)
      Freya.Router (>= 2.0.203)
    Freya.Core (2.0.203)
      Aether (>= 7.0 < 8.0)
    Freya.Lenses.Http (2.0.203)
      Aether (>= 7.0 < 8.0)
      Arachne.Http (>= 2.3.25)
      Freya.Core (>= 2.0.203)
    Freya.Lenses.Http.Cors (2.0.203)
      Aether (>= 7.0 < 8.0)
      Arachne.Http.Cors
      Freya.Core (>= 2.0.203)
      Freya.Lenses.Http (>= 2.0.203)
    Freya.Machine (2.0.203)
      Aether (>= 7.0 < 8.0)
      Freya.Core (>= 2.0.203)
      Freya.Recorder (>= 2.0.203)
      Hekate (>= 1.0 < 2.0)
    Freya.Machine.Extensions.Http (2.0.203)
      Aether (>= 7.0 < 8.0)
      Arachne.Http (>= 2.3.25)
      Freya.Core (>= 2.0.203)
      Freya.Lenses.Http (>= 2.0.203)
      Freya.Machine (>= 2.0.203)
    Freya.Machine.Extensions.Http.Cors (2.0.203)
      Aether (>= 7.0 < 8.0)
      Arachne.Http.Cors
      Freya.Core (>= 2.0.203)
      Freya.Lenses.Http (>= 2.0.203)
      Freya.Lenses.Http.Cors (>= 2.0.203)
      Freya.Machine (>= 2.0.203)
      Freya.Machine.Extensions.Http (>= 2.0.203)
    Freya.Machine.Router (2.0.203)
      Arachne.Http (>= 2.3.25)
      Arachne.Uri.Template
      Freya.Core (>= 2.0.203)
      Freya.Router (>= 2.0.203)
    Freya.Recorder (2.0.203)
      Aether (>= 7.0 < 8.0)
      Freya.Core (>= 2.0.203)
    Freya.Router (2.0.203)
      Aether (>= 7.0 < 8.0)
      Arachne.Http (>= 2.3.25)
      Arachne.Uri.Template
      Freya.Core (>= 2.0.203)
      Freya.Lenses.Http (>= 2.0.203)
      Freya.Recorder (>= 2.0.203)
      Hekate (>= 1.0 < 2.0)
    FSharp.Configuration (0.5.12)
    FSharp.Core (4.0.0.1) - redirects: force
    Hekate (1.0.1)
      Aether (>= 7.0.1)
    log4net (2.0.5)
    Microsoft.CodeAnalysis.Analyzers (1.1)
    Microsoft.CodeAnalysis.Common (2.0.0-beta1)
      Microsoft.CodeAnalysis.Analyzers (>= 1.1)
      System.Collections.Immutable (>= 1.1.37)
      System.Reflection.Metadata (>= 1.2)
    Microsoft.CodeAnalysis.CSharp (2.0.0-beta1)
      Microsoft.CodeAnalysis.Common (2.0.0-beta1)
    Newtonsoft.Json (8.0.3)
    NUnit (3.2.1)
    NUnit.ConsoleRunner (3.2.1)
    NUnit.Extension.NUnitProjectLoader (3.2.1)
    NUnit.Extension.NUnitV2Driver (3.2.1)
    NUnit.Extension.NUnitV2ResultWriter (3.2.1)
    NUnit.Extension.VSProjectLoader (3.2.1)
    NUnit.Runners (3.2.1)
      NUnit.ConsoleRunner (3.2.1)
      NUnit.Extension.NUnitProjectLoader (3.2.1)
      NUnit.Extension.NUnitV2Driver (3.2.1)
      NUnit.Extension.NUnitV2ResultWriter (3.2.1)
      NUnit.Extension.VSProjectLoader (3.2.1)
    System.Collections.Immutable (1.1.37)
    System.Reflection.Metadata (1.2)
      System.Collections.Immutable (>= 1.1.37)
  remote: https://www.myget.org/F/aspnetcidev
  specs:
    Libuv (1.9.0-rc3-20856) - framework: net461, netstandard10
    Microsoft.AspNetCore.Antiforgery (1.0.0-rc3-20856)
      Microsoft.AspNetCore.DataProtection (>= 1.0.0-rc3-20856)
      Microsoft.AspNetCore.Http.Abstractions (>= 1.0.0-rc3-20856)
      Microsoft.AspNetCore.WebUtilities (>= 1.0.0-rc3-20856)
      Microsoft.Extensions.ObjectPool (>= 1.0.0-rc3-20856)
    Microsoft.AspNetCore.Authorization (1.0.0-rc3-20856)
      Microsoft.Extensions.Logging.Abstractions (>= 1.0.0-rc3-20856)
      Microsoft.Extensions.Options (>= 1.0.0-rc3-20856)
    Microsoft.AspNetCore.Cors (1.0.0-rc3-20856)
      Microsoft.AspNetCore.Http.Extensions (>= 1.0.0-rc3-20856)
      Microsoft.Extensions.Configuration.Abstractions (>= 1.0.0-rc3-20856)
      Microsoft.Extensions.DependencyInjection.Abstractions (>= 1.0.0-rc3-20856)
      Microsoft.Extensions.Options (>= 1.0.0-rc3-20856)
    Microsoft.AspNetCore.Cryptography.Internal (1.0.0-rc3-20856)
    Microsoft.AspNetCore.DataProtection (1.0.0-rc3-20856)
      Microsoft.AspNetCore.Cryptography.Internal (>= 1.0.0-rc3-20856)
      Microsoft.AspNetCore.DataProtection.Abstractions (>= 1.0.0-rc3-20856)
      Microsoft.AspNetCore.Hosting.Abstractions (>= 1.0.0-rc3-20856)
      Microsoft.Extensions.DependencyInjection.Abstractions (>= 1.0.0-rc3-20856)
      Microsoft.Extensions.Logging.Abstractions (>= 1.0.0-rc3-20856)
      Microsoft.Extensions.Options (>= 1.0.0-rc3-20856)
    Microsoft.AspNetCore.DataProtection.Abstractions (1.0.0-rc3-20856)
    Microsoft.AspNetCore.Diagnostics.Abstractions (1.0.0-rc3-20856)
    Microsoft.AspNetCore.Hosting (1.0.0-rc3-20856)
      Microsoft.AspNetCore.Hosting.Abstractions (>= 1.0.0-rc3-20856)
      Microsoft.AspNetCore.Hosting.Server.Abstractions (>= 1.0.0-rc3-20856)
      Microsoft.AspNetCore.Http (>= 1.0.0-rc3-20856)
      Microsoft.AspNetCore.Http.Extensions (>= 1.0.0-rc3-20856)
      Microsoft.Extensions.Configuration (>= 1.0.0-rc3-20856)
      Microsoft.Extensions.DependencyInjection (>= 1.0.0-rc3-20856)
      Microsoft.Extensions.FileProviders.Physical (>= 1.0.0-rc3-20856)
      Microsoft.Extensions.Logging (>= 1.0.0-rc3-20856)
      Microsoft.Extensions.Options (>= 1.0.0-rc3-20856)
      Microsoft.Extensions.PlatformAbstractions (>= 1.0.0-rc3-20856)
      System.Diagnostics.DiagnosticSource (>= 4.0.0-rc2-24027)
    Microsoft.AspNetCore.Hosting.Abstractions (1.0.0-rc3-20856)
      Microsoft.AspNetCore.Hosting.Server.Abstractions (>= 1.0.0-rc3-20856)
      Microsoft.AspNetCore.Http.Abstractions (>= 1.0.0-rc3-20856)
      Microsoft.Extensions.Configuration.Abstractions (>= 1.0.0-rc3-20856)
      Microsoft.Extensions.DependencyInjection.Abstractions (>= 1.0.0-rc3-20856)
      Microsoft.Extensions.FileProviders.Abstractions (>= 1.0.0-rc3-20856)
      Microsoft.Extensions.Logging.Abstractions (>= 1.0.0-rc3-20856)
    Microsoft.AspNetCore.Hosting.Server.Abstractions (1.0.0-rc3-20856)
      Microsoft.AspNetCore.Http.Features (>= 1.0.0-rc3-20856)
      Microsoft.Extensions.Configuration.Abstractions (>= 1.0.0-rc3-20856)
    Microsoft.AspNetCore.Html.Abstractions (1.0.0-rc3-20856)
    Microsoft.AspNetCore.Http (1.0.0-rc3-20856)
      Microsoft.AspNetCore.Http.Abstractions (>= 1.0.0-rc3-20856)
      Microsoft.AspNetCore.WebUtilities (>= 1.0.0-rc3-20856)
      Microsoft.Extensions.ObjectPool (>= 1.0.0-rc3-20856)
      Microsoft.Extensions.Options (>= 1.0.0-rc3-20856)
      Microsoft.Net.Http.Headers (>= 1.0.0-rc3-20856)
      System.Buffers (>= 4.0.0-rc2-24027)
    Microsoft.AspNetCore.Http.Abstractions (1.0.0-rc3-20856)
      Microsoft.AspNetCore.Http.Features (>= 1.0.0-rc3-20856)
      System.Text.Encodings.Web (>= 4.0.0-rc2-24027)
    Microsoft.AspNetCore.Http.Extensions (1.0.0-rc3-20856)
      Microsoft.AspNetCore.Http.Abstractions (>= 1.0.0-rc3-20856)
      Microsoft.Extensions.FileProviders.Abstractions (>= 1.0.0-rc3-20856)
      Microsoft.Net.Http.Headers (>= 1.0.0-rc3-20856)
      System.Buffers (>= 4.0.0-rc2-24027)
    Microsoft.AspNetCore.Http.Features (1.0.0-rc3-20856)
      Microsoft.Extensions.Primitives (>= 1.0.0-rc3-20856)
    Microsoft.AspNetCore.JsonPatch (1.0.0-rc3-20856)
    Microsoft.AspNetCore.Localization (1.0.0-rc3-20856)
      Microsoft.AspNetCore.Http.Extensions (>= 1.0.0-rc3-20856)
      Microsoft.Extensions.Globalization.CultureInfoCache (>= 1.0.0-rc3-20856)
      Microsoft.Extensions.Localization.Abstractions (>= 1.0.0-rc3-20856)
      Microsoft.Extensions.Options (>= 1.0.0-rc3-20856)
    Microsoft.AspNetCore.Mvc (1.0.0-rc3-20856)
      Microsoft.AspNetCore.Mvc.ApiExplorer (>= 1.0.0-rc3-20856)
      Microsoft.AspNetCore.Mvc.Cors (>= 1.0.0-rc3-20856)
      Microsoft.AspNetCore.Mvc.DataAnnotations (>= 1.0.0-rc3-20856)
      Microsoft.AspNetCore.Mvc.Formatters.Json (>= 1.0.0-rc3-20856)
      Microsoft.AspNetCore.Mvc.Localization (>= 1.0.0-rc3-20856)
      Microsoft.AspNetCore.Mvc.Razor (>= 1.0.0-rc3-20856)
      Microsoft.AspNetCore.Mvc.TagHelpers (>= 1.0.0-rc3-20856)
      Microsoft.AspNetCore.Mvc.ViewFeatures (>= 1.0.0-rc3-20856)
      Microsoft.Extensions.Caching.Memory (>= 1.0.0-rc3-20856)
      Microsoft.Extensions.DependencyInjection (>= 1.0.0-rc3-20856)
    Microsoft.AspNetCore.Mvc.Abstractions (1.0.0-rc3-20856)
      Microsoft.AspNetCore.Routing.Abstractions (>= 1.0.0-rc3-20856)
      Microsoft.Net.Http.Headers (>= 1.0.0-rc3-20856)
    Microsoft.AspNetCore.Mvc.ApiExplorer (1.0.0-rc3-20856)
      Microsoft.AspNetCore.Mvc.Core (>= 1.0.0-rc3-20856)
    Microsoft.AspNetCore.Mvc.Core (1.0.0-rc3-20856)
      Microsoft.AspNetCore.Authorization (>= 1.0.0-rc3-20856)
      Microsoft.AspNetCore.Hosting.Abstractions (>= 1.0.0-rc3-20856)
      Microsoft.AspNetCore.Http (>= 1.0.0-rc3-20856)
      Microsoft.AspNetCore.Mvc.Abstractions (>= 1.0.0-rc3-20856)
      Microsoft.AspNetCore.Routing (>= 1.0.0-rc3-20856)
      Microsoft.Extensions.DependencyModel (>= 1.0.0-rc2-002611)
      Microsoft.Extensions.FileProviders.Abstractions (>= 1.0.0-rc3-20856)
      Microsoft.Extensions.Logging.Abstractions (>= 1.0.0-rc3-20856)
      Microsoft.Extensions.PlatformAbstractions (>= 1.0.0-rc3-20856)
      System.Buffers (>= 4.0.0-rc2-24027)
      System.Diagnostics.DiagnosticSource (>= 4.0.0-rc2-24027)
    Microsoft.AspNetCore.Mvc.Cors (1.0.0-rc3-20856)
      Microsoft.AspNetCore.Cors (>= 1.0.0-rc3-20856)
      Microsoft.AspNetCore.Mvc.Core (>= 1.0.0-rc3-20856)
    Microsoft.AspNetCore.Mvc.DataAnnotations (1.0.0-rc3-20856)
      Microsoft.AspNetCore.Mvc.Core (>= 1.0.0-rc3-20856)
      Microsoft.Extensions.Localization (>= 1.0.0-rc3-20856)
    Microsoft.AspNetCore.Mvc.Formatters.Json (1.0.0-rc3-20856)
      Microsoft.AspNetCore.JsonPatch (>= 1.0.0-rc3-20856)
      Microsoft.AspNetCore.Mvc.Core (>= 1.0.0-rc3-20856)
    Microsoft.AspNetCore.Mvc.Localization (1.0.0-rc3-20856)
      Microsoft.AspNetCore.Localization (>= 1.0.0-rc3-20856)
      Microsoft.AspNetCore.Mvc.Razor (>= 1.0.0-rc3-20856)
      Microsoft.Extensions.DependencyInjection (>= 1.0.0-rc3-20856)
      Microsoft.Extensions.Localization (>= 1.0.0-rc3-20856)
    Microsoft.AspNetCore.Mvc.Razor (1.0.0-rc3-20856)
      Microsoft.AspNetCore.Mvc.Razor.Host (>= 1.0.0-rc3-20856)
      Microsoft.AspNetCore.Mvc.ViewFeatures (>= 1.0.0-rc3-20856)
      Microsoft.CodeAnalysis.CSharp (>= 1.3.0-beta1-20160425-01)
      Microsoft.Extensions.FileProviders.Composite (>= 1.0.0-rc3-20856)
    Microsoft.AspNetCore.Mvc.Razor.Host (1.0.0-rc3-20856)
      Microsoft.AspNetCore.Razor.Runtime (>= 1.0.0-rc3-20856)
      Microsoft.Extensions.Caching.Memory (>= 1.0.0-rc3-20856)
      Microsoft.Extensions.FileProviders.Physical (>= 1.0.0-rc3-20856)
    Microsoft.AspNetCore.Mvc.TagHelpers (1.0.0-rc3-20856)
      Microsoft.AspNetCore.Mvc.Razor (>= 1.0.0-rc3-20856)
      Microsoft.Extensions.Caching.Memory (>= 1.0.0-rc3-20856)
      Microsoft.Extensions.FileSystemGlobbing (>= 1.0.0-rc3-20856)
      Microsoft.Extensions.Primitives (>= 1.0.0-rc3-20856)
    Microsoft.AspNetCore.Mvc.ViewFeatures (1.0.0-rc3-20856)
      Microsoft.AspNetCore.Antiforgery (>= 1.0.0-rc3-20856)
      Microsoft.AspNetCore.Diagnostics.Abstractions (>= 1.0.0-rc3-20856)
      Microsoft.AspNetCore.Html.Abstractions (>= 1.0.0-rc3-20856)
      Microsoft.AspNetCore.Mvc.Core (>= 1.0.0-rc3-20856)
      Microsoft.AspNetCore.Mvc.DataAnnotations (>= 1.0.0-rc3-20856)
      Microsoft.AspNetCore.Mvc.Formatters.Json (>= 1.0.0-rc3-20856)
      Microsoft.Extensions.WebEncoders (>= 1.0.0-rc3-20856)
      Newtonsoft.Json (>= 8.0.3)
      System.Buffers (>= 4.0.0-rc2-24027)
    Microsoft.AspNetCore.Razor (1.0.0-rc3-20856)
    Microsoft.AspNetCore.Razor.Runtime (1.0.0-rc3-20856)
      Microsoft.AspNetCore.Html.Abstractions (>= 1.0.0-rc3-20856)
      Microsoft.AspNetCore.Razor (>= 1.0.0-rc3-20856)
    Microsoft.AspNetCore.Routing (1.0.0-rc3-20856)
      Microsoft.AspNetCore.Http.Extensions (>= 1.0.0-rc3-20856)
      Microsoft.AspNetCore.Routing.Abstractions (>= 1.0.0-rc3-20856)
      Microsoft.Extensions.Logging.Abstractions (>= 1.0.0-rc3-20856)
      Microsoft.Extensions.ObjectPool (>= 1.0.0-rc3-20856)
      Microsoft.Extensions.Options (>= 1.0.0-rc3-20856)
    Microsoft.AspNetCore.Routing.Abstractions (1.0.0-rc3-20856)
      Microsoft.AspNetCore.Http.Abstractions (>= 1.0.0-rc3-20856)
    Microsoft.AspNetCore.Server.Kestrel (1.0.0-rc3-20856)
      Libuv (>= 1.9.0-rc3-20856)
      Microsoft.AspNetCore.Hosting (>= 1.0.0-rc3-20856)
      Microsoft.Extensions.Logging.Abstractions (>= 1.0.0-rc3-20856)
      Microsoft.Extensions.PlatformAbstractions (>= 1.0.0-rc3-20856)
      System.Buffers (>= 4.0.0-rc2-24027)
      System.Numerics.Vectors (>= 4.1.1-rc2-24027)
      System.Threading.Tasks.Extensions (>= 4.0.0-rc2-24027)
    Microsoft.AspNetCore.SignalR.Messaging (0.1.0-rc3-20856)
      Microsoft.Extensions.Logging (>= 1.0.0-rc3-20856)
      Microsoft.Extensions.Options (>= 1.0.0-rc3-20856)
    Microsoft.AspNetCore.SignalR.Server (0.1.0-rc3-20856)
      Microsoft.AspNetCore.DataProtection (>= 1.0.0-rc3-20856)
      Microsoft.AspNetCore.Hosting.Abstractions (>= 1.0.0-rc3-20856)
      Microsoft.AspNetCore.Http.Extensions (>= 1.0.0-rc3-20856)
      Microsoft.AspNetCore.SignalR.Messaging (>= 0.1.0-rc3-20856)
      Microsoft.Extensions.DependencyModel (>= 1.0.0-rc2-002611)
      Newtonsoft.Json (>= 8.0.2)
    Microsoft.AspNetCore.StaticFiles (1.0.0-rc3-20856)
      Microsoft.AspNetCore.Hosting.Abstractions (>= 1.0.0-rc3-20856)
      Microsoft.AspNetCore.Http.Extensions (>= 1.0.0-rc3-20856)
      Microsoft.Extensions.FileProviders.Abstractions (>= 1.0.0-rc3-20856)
      Microsoft.Extensions.Logging.Abstractions (>= 1.0.0-rc3-20856)
      Microsoft.Extensions.WebEncoders (>= 1.0.0-rc3-20856)
    Microsoft.AspNetCore.WebSockets.Protocol (0.1.0-rc3-20856)
    Microsoft.AspNetCore.WebSockets.Server (0.1.0-rc3-20856)
      Microsoft.AspNetCore.Http.Extensions (>= 1.0.0-rc3-20856)
      Microsoft.AspNetCore.WebSockets.Protocol (>= 0.1.0-rc3-20856)
      Microsoft.Extensions.Options (>= 1.0.0-rc3-20856)
    Microsoft.AspNetCore.WebUtilities (1.0.0-rc3-20856)
      Microsoft.Extensions.Primitives (>= 1.0.0-rc3-20856)
      System.Buffers (>= 4.0.0-rc2-24027)
      System.Text.Encodings.Web (>= 4.0.0-rc2-24027)
    Microsoft.DotNet.InternalAbstractions (1.0.0-rc2-002611)
    Microsoft.Extensions.Caching.Abstractions (1.0.0-rc3-20856)
    Microsoft.Extensions.Caching.Memory (1.0.0-rc3-20856)
      Microsoft.Extensions.Caching.Abstractions (>= 1.0.0-rc3-20856)
      Microsoft.Extensions.DependencyInjection.Abstractions (>= 1.0.0-rc3-20856)
      Microsoft.Extensions.Options (>= 1.0.0-rc3-20856)
    Microsoft.Extensions.Configuration (1.0.0-rc3-20856)
    Microsoft.Extensions.Configuration.Abstractions (1.0.0-rc3-20856)
    Microsoft.Extensions.Configuration.EnvironmentVariables (1.0.0-rc3-20856)
      Microsoft.Extensions.Configuration (>= 1.0.0-rc3-20856)
    Microsoft.Extensions.Configuration.FileExtensions (1.0.0-rc3-20856)
      Microsoft.Extensions.Configuration (>= 1.0.0-rc3-20856)
      Microsoft.Extensions.FileProviders.Physical (>= 1.0.0-rc3-20856)
    Microsoft.Extensions.Configuration.Json (1.0.0-rc3-20856)
      Microsoft.Extensions.Configuration (>= 1.0.0-rc3-20856)
      Microsoft.Extensions.Configuration.FileExtensions (>= 1.0.0-rc3-20856)
      Newtonsoft.Json (>= 8.0.3)
    Microsoft.Extensions.DependencyInjection (1.0.0-rc3-20856)
    Microsoft.Extensions.DependencyInjection.Abstractions (1.0.0-rc3-20856)
    Microsoft.Extensions.DependencyModel (1.0.0-rc2-002611)
      Microsoft.DotNet.InternalAbstractions (>= 1.0.0-rc2-002611)
      Newtonsoft.Json (>= 7.0.1)
    Microsoft.Extensions.FileProviders.Abstractions (1.0.0-rc3-20856)
    Microsoft.Extensions.FileProviders.Composite (1.0.0-rc3-20856)
    Microsoft.Extensions.FileProviders.Physical (1.0.0-rc3-20856)
      Microsoft.Extensions.FileProviders.Abstractions (>= 1.0.0-rc3-20856)
      Microsoft.Extensions.FileSystemGlobbing (>= 1.0.0-rc3-20856)
    Microsoft.Extensions.FileSystemGlobbing (1.0.0-rc3-20856)
    Microsoft.Extensions.Globalization.CultureInfoCache (1.0.0-rc3-20856)
    Microsoft.Extensions.Localization (1.0.0-rc3-20856)
      Microsoft.AspNetCore.Hosting.Abstractions (>= 1.0.0-rc3-20856)
      Microsoft.Extensions.DependencyInjection.Abstractions (>= 1.0.0-rc3-20856)
      Microsoft.Extensions.Localization.Abstractions (>= 1.0.0-rc3-20856)
      Microsoft.Extensions.Options (>= 1.0.0-rc3-20856)
    Microsoft.Extensions.Localization.Abstractions (1.0.0-rc3-20856)
    Microsoft.Extensions.Logging (1.0.0-rc3-20856)
    Microsoft.Extensions.Logging.Abstractions (1.0.0-rc3-20856)
    Microsoft.Extensions.ObjectPool (1.0.0-rc3-20856)
    Microsoft.Extensions.Options (1.0.0-rc3-20856)
    Microsoft.Extensions.PlatformAbstractions (1.0.0-rc3-20856)
    Microsoft.Extensions.Primitives (1.0.0-rc3-20856)
    Microsoft.Extensions.WebEncoders (1.0.0-rc3-20856)
    Microsoft.Net.Http.Headers (1.0.0-rc3-20856)
  remote: https://dotnet.myget.org/F/dotnet-core
  specs:
    Microsoft.NETCore.App (1.0.0-rc2-3002700)
    System.Buffers (4.0.0-rc3-24109-00)
    System.Diagnostics.DiagnosticSource (4.0.0-rc3-24109-00)
    System.Numerics.Vectors (4.1.1-rc3-24109-00)
    System.Text.Encodings.Web (4.0.0-rc3-24109-00)
    System.Threading.Tasks.Extensions (4.0.0-rc3-24109-00)

GROUP Build
NUGET
  remote: https://www.nuget.org/api/v2
  specs:
    FAKE (4.25.5)
    FSharp.Compiler.Service (2.0.0.6)
    FSharp.Formatting (2.14.2)
      FSharp.Compiler.Service (2.0.0.6)
      FSharpVSPowerTools.Core (>= 2.3 < 2.4)
    FSharpVSPowerTools.Core (2.3)
      FSharp.Compiler.Service (>= 2.0.0.3)
    Microsoft.Bcl (1.1.10) - framework: net10, net11, net20, net30, net35, net40, net40-full
      Microsoft.Bcl.Build (>= 1.0.14)
    Microsoft.Bcl.Build (1.0.21) - import_targets: false, framework: net10, net11, net20, net30, net35, net40, net40-full
    Microsoft.Net.Http (2.2.29) - framework: net10, net11, net20, net30, net35, net40, net40-full
      Microsoft.Bcl (>= 1.1.10)
      Microsoft.Bcl.Build (>= 1.0.14)
    Octokit (0.19)
      Microsoft.Net.Http
    SourceLink.Fake (1.1)
GITHUB
  remote: fsharp/FAKE
  specs:
    modules/Octokit/Octokit.fsx (26ea4dbb3d60352b88162bb32577015af2e7c44e)
      Octokit
GROUP Test
NUGET
  remote: https://www.nuget.org/api/v2
  specs:
    NUnit (3.2.1)
    NUnit.ConsoleRunner (3.2.1)
    NUnit.Extension.NUnitProjectLoader (3.2.1)
    NUnit.Extension.NUnitV2Driver (3.2.1)
    NUnit.Extension.NUnitV2ResultWriter (3.2.1)
    NUnit.Extension.VSProjectLoader (3.2.1)
    NUnit.Runners (3.2.1)
      NUnit.ConsoleRunner (3.2.1)
      NUnit.Extension.NUnitProjectLoader (3.2.1)
      NUnit.Extension.NUnitV2Driver (3.2.1)
      NUnit.Extension.NUnitV2ResultWriter (3.2.1)
      NUnit.Extension.VSProjectLoader (3.2.1)
